GIT
  remote: git://github.com/pusher/pusher-ruby-client.git
  revision: 29f795f7a607473a845215b17de0f4e7fea9978b
  specs:
    pusher-client (0.2.1)
      addressable (~> 2.3.1)
      libwebsocket (= 0.1.0)
      ruby-hmac (~> 0.4.0)

GEM
  remote: http://rubygems.org/
  specs:
    addressable (2.3.2)
    libwebsocket (0.1.0)
    redis (3.0.2)
    ruby-hmac (0.4.0)
    yajl-ruby (1.1.0)

PLATFORMS
  ruby

DEPENDENCIES
  pusher-client!
  redis
  yajl-ruby
