GIT
  remote: git://github.com/pusher/pusher-ruby-client.git
  revision: 29f795f7a607473a845215b17de0f4e7fea9978b
  specs:
    pusher-client (0.2.1)
      addressable (~> 2.3.1)
      libwebsocket (= 0.1.0)
      ruby-hmac (~> 0.4.0)

GEM
  remote: http://rubygems.org/
  specs:
    addressable (2.3.2)
    daemons (1.1.9)
    eventmachine (1.0.0)
    libwebsocket (0.1.0)
    rack (1.5.1)
    rack-protection (1.3.2)
      rack
    redis (3.0.2)
    ruby-hmac (0.4.0)
    sinatra (1.3.4)
      rack (~> 1.4)
      rack-protection (~> 1.3)
      tilt (~> 1.3, >= 1.3.3)
    thin (1.5.0)
      daemons (>= 1.0.9)
      eventmachine (>= 0.12.6)
      rack (>= 1.0.0)
    tilt (1.3.3)
    yajl-ruby (1.1.0)

PLATFORMS
  ruby

DEPENDENCIES
  pusher-client!
  redis
  sinatra
  thin
  yajl-ruby
