GEM
  remote: http://rubygems.org/
  specs:
    addressable (2.3.2)
    eventmachine (0.12.10)
    libwebsocket (0.1.7.1)
      addressable
      websocket
    pusher-client (0.2.1)
      eventmachine (~> 0.12.10)
      libwebsocket (~> 0.1.0)
    redis (3.0.2)
    websocket (1.0.6)
    yajl-ruby (1.1.0)

PLATFORMS
  ruby

DEPENDENCIES
  pusher-client
  redis
  yajl-ruby
